GEM
  remote: https://rubygems.org/
  specs:
    byebug (9.1.0)
    coderay (1.1.1)
    colorize (0.8.1)
    domain_name (0.5.20170404)
      unf (>= 0.0.5, < 1.0.0)
    ethon (0.10.1)
      ffi (>= 1.3.0)
    ffi (1.9.18)
    http-cookie (1.0.3)
      domain_name (~> 0.5)
    mail (2.6.6)
      mime-types (>= 1.16, < 4)
    mechanize (2.7.5)
      domain_name (~> 0.5, >= 0.5.1)
      http-cookie (~> 1.0)
      mime-types (>= 1.17.2)
      net-http-digest_auth (~> 1.1, >= 1.1.1)
      net-http-persistent (~> 2.5, >= 2.5.2)
      nokogiri (~> 1.6)
      ntlm-http (~> 0.1, >= 0.1.1)
      webrobots (>= 0.0.9, < 0.2)
    method_source (0.8.2)
    mime-types (3.1)
      mime-types-data (~> 3.2015)
    mime-types-data (3.2016.0521)
    mini_portile2 (2.2.0)
    net-http-digest_auth (1.4.1)
    net-http-persistent (2.9.4)
    nokogiri (1.8.0)
      mini_portile2 (~> 2.2.0)
    ntlm-http (0.1.1)
    pony (1.11)
      mail (>= 2.0)
    pry (0.10.4)
      coderay (~> 1.1.0)
      method_source (~> 0.8.1)
      slop (~> 3.4)
    slop (3.6.0)
    sqlite3 (1.3.13)
    terminal-notifier (1.8.0)
    typhoeus (1.1.2)
      ethon (>= 0.9.0)
    unf (0.1.4)
      unf_ext
    unf_ext (0.0.7.4)
    webrobots (0.1.2)

PLATFORMS
  ruby

DEPENDENCIES
  byebug
  colorize
  mechanize
  pony
  pry
  sqlite3
  terminal-notifier
  typhoeus

BUNDLED WITH
   1.15.4
